GEM
  remote: https://rubygems.org/
  specs:
    debug (1.3.4)
      irb (>= 1.3.6)
      reline (>= 0.2.7)
    diff-lcs (1.4.4)
    io-console (0.5.9)
    irb (1.3.7)
      reline (>= 0.2.7)
    reline (0.2.7)
      io-console (~> 0.5)
    rspec (3.10.0)
      rspec-core (~> 3.10.0)
      rspec-expectations (~> 3.10.0)
      rspec-mocks (~> 3.10.0)
    rspec-core (3.10.1)
      rspec-support (~> 3.10.0)
    rspec-expectations (3.10.1)
      diff-lcs (>= 1.2.0, < 2.0)
      rspec-support (~> 3.10.0)
    rspec-mocks (3.10.2)
      diff-lcs (>= 1.2.0, < 2.0)
      rspec-support (~> 3.10.0)
    rspec-support (3.10.3)
    zeitwerk (2.5.1)

PLATFORMS
  arm64-darwin-20

DEPENDENCIES
  debug
  rspec
  zeitwerk

BUNDLED WITH
   2.2.22
